GEM
  remote: https://rubygems.org/
  specs:
    addressable (2.5.0)
      public_suffix (~> 2.0, >= 2.0.2)
    capybara (2.11.0)
      addressable
      mime-types (>= 1.16)
      nokogiri (>= 1.3.3)
      rack (>= 1.0.0)
      rack-test (>= 0.5.4)
      xpath (~> 2.0)
    coderay (1.1.1)
    concurrent-ruby (1.0.4)
    down (2.3.8)
    dry-configurable (0.5.0)
      concurrent-ruby (~> 1.0)
    dry-container (0.6.0)
      concurrent-ruby (~> 1.0)
      dry-configurable (~> 0.1, >= 0.1.3)
    dry-core (0.2.1)
      concurrent-ruby (~> 1.0)
    dry-equalizer (0.2.0)
    dry-logic (0.4.0)
      dry-container (~> 0.2, >= 0.2.6)
      dry-core (~> 0.1)
      dry-equalizer (~> 0.2)
    dry-types (0.9.3)
      concurrent-ruby (~> 1.0)
      dry-configurable (~> 0.1)
      dry-container (~> 0.3)
      dry-core (~> 0.2, >= 0.2.1)
      dry-equalizer (~> 0.2)
      dry-logic (~> 0.4, >= 0.4.0)
      inflecto (~> 0.0.0, >= 0.0.2)
    dry-validation (0.10.4)
      concurrent-ruby (~> 1.0)
      dry-configurable (~> 0.1, >= 0.1.3)
      dry-container (~> 0.2, >= 0.2.8)
      dry-core (~> 0.2, >= 0.2.1)
      dry-equalizer (~> 0.2)
      dry-logic (~> 0.4, >= 0.4.0)
      dry-types (~> 0.9, >= 0.9.0)
    hanami (0.9.2)
      bundler (~> 1.13)
      concurrent-ruby (~> 1.0)
      hanami-assets (~> 0.4)
      hanami-controller (~> 0.8)
      hanami-helpers (~> 0.5)
      hanami-mailer (~> 0.4)
      hanami-router (~> 0.8, >= 0.8.1)
      hanami-utils (~> 0.9)
      hanami-validations (~> 0.7)
      hanami-view (~> 0.8)
      thor (~> 0.19)
    hanami-assets (0.4.0)
      hanami-helpers (~> 0.5)
      hanami-utils (~> 0.9)
      tilt (~> 2.0, >= 2.0.2)
    hanami-controller (0.8.1)
      hanami-utils (~> 0.9)
      rack (~> 1.6, >= 1.6.2)
    hanami-helpers (0.5.1)
      hanami-utils (~> 0.9)
    hanami-mailer (0.4.0)
      hanami-utils (~> 0.9)
      mail (~> 2.5)
      tilt (~> 2.0, >= 2.0.1)
    hanami-model (0.7.0)
      concurrent-ruby (~> 1.0)
      dry-types (~> 0.9)
      hanami-utils (~> 0.8)
      rom-repository (~> 0.3)
      rom-sql (~> 0.9)
    hanami-router (0.8.1)
      hanami-utils (~> 0.9, >= 0.9.1)
      http_router (~> 0.11)
      rack (~> 1.6)
    hanami-shrine (0.2.1)
      hanami-model (>= 0.7)
      hanami-utils
      shrine
    hanami-utils (0.9.2)
    hanami-validations (0.7.1)
      dry-validation (~> 0.10)
      hanami-utils (~> 0.9)
    hanami-view (0.8.0)
      hanami-utils (~> 0.9)
      tilt (~> 2.0, >= 2.0.1)
    http_router (0.11.2)
      rack (>= 1.0.0)
      url_mount (~> 0.2.1)
    image_processing (0.4.1)
    inflecto (0.0.2)
    mail (2.6.4)
      mime-types (>= 1.16, < 4)
    method_source (0.8.2)
    mime-types (3.1)
      mime-types-data (~> 3.2015)
    mime-types-data (3.2016.0521)
    mini_magick (4.5.1)
    mini_portile2 (2.1.0)
    minitest (5.10.1)
    nokogiri (1.7.0)
      mini_portile2 (~> 2.1.0)
    pg (0.19.0)
    pry (0.10.4)
      coderay (~> 1.1.0)
      method_source (~> 0.8.1)
      slop (~> 3.4)
    public_suffix (2.0.4)
    rack (1.6.5)
    rack-test (0.6.3)
      rack (>= 1.0)
    rake (12.0.0)
    rom (2.0.2)
      concurrent-ruby (~> 1.0)
      dry-equalizer (~> 0.2)
      dry-types (~> 0.8)
      rom-mapper (~> 0.4.0)
      rom-support (~> 2.0)
    rom-mapper (0.4.0)
      dry-equalizer (~> 0.2)
      rom-support (~> 2.0.0)
      transproc (~> 0.4.0)
    rom-repository (0.3.1)
      rom (~> 2.0)
      rom-mapper (~> 0.4)
      rom-support (~> 2.0)
    rom-sql (0.9.1)
      dry-core (~> 0.2)
      dry-equalizer (~> 0.2)
      dry-types (~> 0.9)
      rom (~> 2.0)
      rom-support (~> 2.0)
      sequel (~> 4.25)
    rom-support (2.0.0)
      concurrent-ruby (~> 1.0)
      dry-equalizer (~> 0.2)
      transproc (~> 0.4.0)
      wisper (~> 1.6, >= 1.6.0)
    sequel (4.41.0)
    shotgun (0.9.2)
      rack (>= 1.0)
    shrine (2.5.0)
      down (>= 2.3.6)
    slop (3.6.0)
    thor (0.19.4)
    tilt (2.0.5)
    transproc (0.4.1)
    url_mount (0.2.1)
      rack
    wisper (1.6.1)
    xpath (2.0.0)
      nokogiri (~> 1.3)

PLATFORMS
  ruby

DEPENDENCIES
  bundler
  capybara
  hanami (~> 0.9)
  hanami-assets
  hanami-model (~> 0.6)
  hanami-shrine (= 0.2.1)
  image_processing
  mini_magick (>= 4.3.5)
  minitest
  pg
  pry
  rake
  shotgun
  shrine

BUNDLED WITH
   1.13.7
